PATH
  remote: .
  specs:
    rxhp (0.3.0)

GEM
  remote: http://rubygems.org/
  specs:
    diff-lcs (1.1.3)
    github-markup (0.7.0)
    multi_json (1.0.4)
    rake (0.9.2.2)
    redcarpet (1.17.2)
    rspec (2.8.0)
      rspec-core (~> 2.8.0)
      rspec-expectations (~> 2.8.0)
      rspec-mocks (~> 2.8.0)
    rspec-core (2.8.0)
    rspec-expectations (2.8.0)
      diff-lcs (~> 1.1.2)
    rspec-mocks (2.8.0)
    simplecov (0.5.4)
      multi_json (~> 1.0.3)
      simplecov-html (~> 0.5.3)
    simplecov-html (0.5.3)
    yard (0.7.4)

PLATFORMS
  ruby

DEPENDENCIES
  github-markup (~> 0.7.0)
  rake (~> 0.8)
  redcarpet (~> 1.0, >= 1.17.2)
  rspec (~> 2.8.0)
  rxhp!
  simplecov (~> 0.5.4)
  yard (~> 0.7, >= 0.7.4)
